NUGET
  remote: https://nuget.org/api/v2
  specs:
    FAKE (3.17.13)
    Foq (1.6)
    FSharp.Compiler.Service (0.0.84)
    FSharp.Core (3.1.2.1)
    FSharp.Formatting (2.7.4)
      FSharp.Compiler.Service (>= 0.0.82)
      FSharpVSPowerTools.Core (>= 1.7.0)
    FSharpVSPowerTools.Core (1.7.0)
      FSharp.Compiler.Service (>= 0.0.81)
    FSharpx.Collections (1.10.1)
      FSharp.Core (>= 3.1.2.1)
    Microsoft.AspNet.Razor (2.0.30506.0)
    NuGet.CommandLine (2.8.3)
    NUnit (2.6.3)
    NUnit.Runners (2.6.4)
    Portable.Ninject (3.3.1)
    RazorEngine (3.6.1)
      Microsoft.AspNet.Razor (>= 3.0.0) - >= net45
      Microsoft.AspNet.Razor (2.0.30506.0) - >= net40 < net45
    Unquote (2.2.2)
    Yaaf.DependencyInjection (1.0.0)
    Yaaf.DependencyInjection.Ninject (1.0.0)
      Portable.Ninject (>= 3.3.1)
    Yaaf.FSharp.Helper (0.1.3)
      FSharp.Core (>= 3.1.2.1)
      FSharpx.Collections (>= 1.10.1)
      Yaaf.Logging (>= 1.0.1)
      Yaaf.Portable.Text.Encoding (>= 0.7.0)
    Yaaf.FSharp.Scripting (1.0.2)
      FSharp.Compiler.Service (>= 0.0.82)
    Yaaf.Logging (1.0.1)
    Yaaf.Portable.Text.Encoding (0.7.0.0)
    Yaaf.Sasl (1.0.0)
GITHUB
  remote: matthid/Yaaf.FSharp.Helper
  specs:
    src/test/Test.Yaaf.FSharp.Helper/MyTestClass.fs (782875fed409418a6d56662e131ddf52e5f11cc4)
    src/test/Test.Yaaf.FSharp.Helper/StreamTestClass.fs (782875fed409418a6d56662e131ddf52e5f11cc4)