REDIRECTS: ON
NUGET
  remote: https://nuget.org/api/v2
  specs:
    FAKE (4.17.0)
    Foq (1.7.1) - content: none
    FSharp.Compiler.Service (1.4.2.3)
    FSharp.Core (4.0.0.1)
    FSharp.Formatting (2.13.4)
      FSharp.Compiler.Service (>= 1.4.2 < 1.5.0)
      FSharpVSPowerTools.Core (>= 2.2.0 < 2.3.0)
    FSharpVSPowerTools.Core (2.2.0)
      FSharp.Compiler.Service (>= 1.4.2.0)
    FSharpx.Collections (1.13.4)
      FSharp.Core (>= 3.0.0)
    FsUnit (1.4.1.0)
      FSharp.Core (>= 3.1.2.5)
      NUnit (2.6.4)
    NUnit (2.6.3)
    NUnit.Console (3.0.1)
    NUnit.Runners (3.0.1)
      NUnit.Console (3.0.1)
    SimpleInjector (3.1.2)
      System.Collections (>= 4.0.10)
      System.Collections.Concurrent (>= 4.0.10)
      System.Diagnostics.Debug (>= 4.0.10)
      System.Globalization (>= 4.0.10)
      System.IO (>= 4.0.10)
      System.Linq (>= 4.0.0)
      System.Linq.Expressions (>= 4.0.10)
      System.Reflection (>= 4.0.10)
      System.Reflection.Extensions (>= 4.0.0)
      System.Reflection.TypeExtensions (>= 4.0.0)
      System.Runtime (>= 4.0.20)
      System.Runtime.Extensions (>= 4.0.10)
      System.Threading (>= 4.0.10)
      System.Threading.Tasks (>= 4.0.10)
    System.Collections (4.0.10)
      System.Diagnostics.Debug (>= 4.0.0)
      System.Resources.ResourceManager (>= 4.0.0)
      System.Runtime (>= 4.0.0)
      System.Runtime (>= 4.0.20)
      System.Runtime.Extensions (>= 4.0.0)
      System.Threading (>= 4.0.0)
    System.Collections.Concurrent (4.0.10)
      System.Collections (>= 4.0.10)
      System.Diagnostics.Debug (>= 4.0.10)
      System.Diagnostics.Tracing (>= 4.0.20)
      System.Globalization (>= 4.0.10)
      System.Resources.ResourceManager (>= 4.0.0)
      System.Runtime (>= 4.0.20)
      System.Runtime.Extensions (>= 4.0.10)
      System.Threading (>= 4.0.10)
      System.Threading.Tasks (>= 4.0.10)
    System.Diagnostics.Contracts (4.0.0)
      System.Runtime (>= 4.0.0)
    System.Diagnostics.Debug (4.0.10)
      System.Runtime (>= 4.0.0)
    System.Diagnostics.Tracing (4.0.20)
      System.Collections (>= 4.0.10)
      System.Globalization (>= 4.0.0)
      System.Reflection (>= 4.0.10)
      System.Reflection.Extensions (>= 4.0.0)
      System.Resources.ResourceManager (>= 4.0.0)
      System.Runtime (>= 4.0.0)
      System.Runtime (>= 4.0.20)
      System.Runtime.Extensions (>= 4.0.10)
      System.Runtime.InteropServices (>= 4.0.0)
      System.Text.Encoding (>= 4.0.0)
      System.Threading (>= 4.0.10)
    System.Globalization (4.0.10)
      System.Runtime (>= 4.0.0)
    System.IO (4.0.10)
      System.Globalization (>= 4.0.0)
      System.Runtime (>= 4.0.20)
      System.Text.Encoding (>= 4.0.0)
      System.Text.Encoding (>= 4.0.10)
      System.Text.Encoding.Extensions (>= 4.0.0)
      System.Threading (>= 4.0.0)
      System.Threading.Tasks (>= 4.0.0)
    System.Linq (4.0.0)
      System.Collections (>= 4.0.10)
      System.Diagnostics.Debug (>= 4.0.10)
      System.Resources.ResourceManager (>= 4.0.0)
      System.Runtime (>= 4.0.20)
      System.Runtime.Extensions (>= 4.0.10)
    System.Linq.Expressions (4.0.10)
      System.Collections (>= 4.0.0)
      System.Diagnostics.Debug (>= 4.0.0)
      System.Globalization (>= 4.0.0)
      System.IO (>= 4.0.0)
      System.Linq (>= 4.0.0)
      System.ObjectModel (>= 4.0.0)
      System.Reflection (>= 4.0.0)
      System.Reflection.Emit (>= 4.0.0)
      System.Reflection.Extensions (>= 4.0.0)
      System.Reflection.Primitives (>= 4.0.0)
      System.Reflection.TypeExtensions (>= 4.0.0)
      System.Resources.ResourceManager (>= 4.0.0)
      System.Runtime (>= 4.0.0)
      System.Runtime (>= 4.0.20)
      System.Runtime.Extensions (>= 4.0.0)
      System.Threading (>= 4.0.0)
    System.ObjectModel (4.0.10)
      System.Collections (>= 4.0.10)
      System.Diagnostics.Debug (>= 4.0.10)
      System.Resources.ResourceManager (>= 4.0.0)
      System.Runtime (>= 4.0.20)
      System.Threading (>= 4.0.10)
    System.Private.Uri (4.0.0)
    System.Reflection (4.0.10)
      System.IO (>= 4.0.0)
      System.Reflection.Primitives (>= 4.0.0)
      System.Runtime (>= 4.0.20)
    System.Reflection.Emit (4.0.0)
      System.IO (>= 4.0.0)
      System.Reflection (>= 4.0.0)
      System.Reflection.Emit.ILGeneration (>= 4.0.0)
      System.Reflection.Primitives (>= 4.0.0)
      System.Runtime (>= 4.0.0)
    System.Reflection.Emit.ILGeneration (4.0.0)
      System.Reflection (>= 4.0.0)
      System.Reflection.Primitives (>= 4.0.0)
      System.Runtime (>= 4.0.0)
    System.Reflection.Extensions (4.0.0)
      System.Diagnostics.Debug (>= 4.0.10)
      System.Reflection (>= 4.0.0)
      System.Reflection (>= 4.0.10)
      System.Reflection.Primitives (>= 4.0.0)
      System.Reflection.TypeExtensions (>= 4.0.0)
      System.Resources.ResourceManager (>= 4.0.0)
      System.Runtime (>= 4.0.0)
      System.Runtime (>= 4.0.20)
      System.Runtime.Extensions (>= 4.0.10)
    System.Reflection.Primitives (4.0.0)
      System.Runtime (>= 4.0.0)
      System.Threading (>= 4.0.0)
    System.Reflection.TypeExtensions (4.0.0)
      System.Diagnostics.Contracts (>= 4.0.0)
      System.Diagnostics.Debug (>= 4.0.10)
      System.Linq (>= 4.0.0)
      System.Reflection (>= 4.0.0)
      System.Reflection (>= 4.0.10)
      System.Reflection.Primitives (>= 4.0.0)
      System.Resources.ResourceManager (>= 4.0.0)
      System.Runtime (>= 4.0.0)
      System.Runtime (>= 4.0.20)
      System.Runtime.Extensions (>= 4.0.10)
    System.Resources.ResourceManager (4.0.0)
      System.Globalization (>= 4.0.0)
      System.Reflection (>= 4.0.0)
      System.Reflection (>= 4.0.10)
      System.Runtime (>= 4.0.0)
      System.Runtime (>= 4.0.20)
    System.Runtime (4.0.20)
      System.Private.Uri (>= 4.0.0)
    System.Runtime.Extensions (4.0.10)
      System.Runtime (>= 4.0.20)
    System.Runtime.Handles (4.0.0)
      System.Runtime (>= 4.0.0)
    System.Runtime.InteropServices (4.0.20)
      System.Reflection (>= 4.0.0)
      System.Reflection.Primitives (>= 4.0.0)
      System.Runtime (>= 4.0.0)
      System.Runtime.Handles (>= 4.0.0)
    System.Text.Encoding (4.0.10)
      System.Runtime (>= 4.0.0)
    System.Text.Encoding.Extensions (4.0.10)
      System.Runtime (>= 4.0.0)
      System.Text.Encoding (>= 4.0.10)
    System.Threading (4.0.10)
      System.Runtime (>= 4.0.0)
      System.Threading.Tasks (>= 4.0.0)
    System.Threading.Tasks (4.0.10)
      System.Runtime (>= 4.0.0)
    Unquote (3.1.1)
    Yaaf.AdvancedBuilding (0.12.2)
      FAKE (>= 4.17.0 <= 4.17.0)
      FSharp.Formatting (>= 2.13.4 <= 2.13.4)
      FSharpVSPowerTools.Core (>= 2.2.0 <= 2.2.0)
    Yaaf.DependencyInjection (1.1.0)
      FSharp.Core (>= 3.1.2.1)
    Yaaf.DependencyInjection.SimpleInjector (1.1.3)
      FSharp.Core (>= 3.1.2.1)
      SimpleInjector (>= 2.7.2)
      Yaaf.DependencyInjection (>= 1.1.0)
    Yaaf.FSharp.Helper (0.1.5)
      FSharp.Core (>= 3.1.2.1)
      FSharpx.Collections (>= 1.10.1)
      Yaaf.Logging (>= 1.0.1)
      Yaaf.Portable.Text.Encoding (>= 0.7.0)
    Yaaf.Logging (2.0.2)
    Yaaf.Portable.Text.Encoding (0.7.0.0)
    Yaaf.Sasl (1.0.2)
      FSharp.Core (>= 3.1.2.1)
GITHUB
  remote: matthid/Yaaf.FSharp.Helper
  specs:
    src/test/Test.Yaaf.FSharp.Helper/MyTestClass.fs (6ea18edb63d1763cb6fe8c612b7b51727337119c)
    src/test/Test.Yaaf.FSharp.Helper/StreamTestClass.fs (6ea18edb63d1763cb6fe8c612b7b51727337119c)